GEM
  remote: https://rubygems.org/
  specs:
    sass (3.2.19)

PLATFORMS
  ruby

DEPENDENCIES
  sass (~> 3.2.0)
